GIT
  remote: https://github.com/wilkie/rackula
  revision: c99d1c9126f8a5a9ff4085a91d334e31e1e433bf
  branch: feature-wget-options
  specs:
    rackula (0.3.0)
      falcon
      samovar (~> 1.8)

GEM
  remote: https://rubygems.org/
  specs:
    async (1.12.0)
      nio4r (~> 2.3)
      timers (~> 4.1)
    async-container (0.8.1)
      async (~> 1.0)
      async-io (~> 1.4)
    async-http (0.37.7)
      async (~> 1.6)
      async-io (~> 1.16)
      http-protocol (~> 0.10)
    async-io (1.17.2)
      async (~> 1.3)
    backports (3.11.4)
    builder (3.2.3)
    daemons (1.3.1)
    eventmachine (1.2.7)
    falcon (0.19.6)
      async-container (~> 0.8.0)
      async-http (~> 0.37.2)
      async-io (~> 1.9)
      http-protocol (~> 0.10.0)
      localhost (~> 1.1)
      rack (>= 1.0)
      samovar (~> 1.3)
    haml (5.0.4)
      temple (>= 0.8.0)
      tilt
    http-hpack (0.1.1)
    http-protocol (0.10.1)
      http-hpack (~> 0.1.0)
    localhost (1.1.4)
    mapping (1.1.1)
    mini_portile2 (2.4.0)
    multi_json (1.13.1)
    mustermann (1.0.3)
    nio4r (2.3.1)
    nokogiri (1.9.1)
      mini_portile2 (~> 2.4.0)
    rack (2.0.6)
    rack-protection (2.0.5)
      rack
    rainbow (3.0.0)
    rake (12.3.2)
    redcarpet (3.4.0)
    samovar (1.9.1)
      mapping (~> 1.0)
      rainbow (>= 2.0, < 4.0)
    sinatra (2.0.5)
      mustermann (~> 1.0)
      rack (~> 2.0)
      rack-protection (= 2.0.5)
      tilt (~> 2.0)
    sinatra-contrib (2.0.5)
      backports (>= 2.8.2)
      multi_json
      mustermann (~> 1.0)
      rack-protection (= 2.0.5)
      sinatra (= 2.0.5)
      tilt (>= 1.3, < 3)
    sinatra-subdomain (0.3.0)
      sinatra
    temple (0.8.0)
    thin (1.7.2)
      daemons (~> 1.0, >= 1.0.9)
      eventmachine (~> 1.0, >= 1.0.4)
      rack (>= 1, < 3)
    tilt (2.0.9)
    timers (4.2.0)

PLATFORMS
  ruby

DEPENDENCIES
  builder
  haml
  nokogiri
  rackula!
  rake
  redcarpet
  sinatra
  sinatra-contrib
  sinatra-subdomain
  thin

RUBY VERSION
   ruby 2.4.4p296

BUNDLED WITH
   2.0.1
