GEM
  remote: https://rubygems.org/
  specs:
    async (1.23.0)
      console (~> 1.0)
      nio4r (~> 2.3)
      timers (~> 4.1)
    async-container (0.8.1)
      async (~> 1.0)
      async-io (~> 1.4)
    async-http (0.37.10)
      async (~> 1.14)
      async-io (~> 1.18)
      http-protocol (~> 0.10)
    async-io (1.27.0)
      async (~> 1.14)
    backports (3.11.4)
    builder (3.2.3)
    console (1.5.0)
    daemons (1.3.1)
    event (1.5.0)
    eventmachine (1.2.7)
    falcon (0.19.6)
      async-container (~> 0.8.0)
      async-http (~> 0.37.2)
      async-io (~> 1.9)
      http-protocol (~> 0.10.0)
      localhost (~> 1.1)
      rack (>= 1.0)
      samovar (~> 1.3)
    haml (5.0.4)
      temple (>= 0.8.0)
      tilt
    http-hpack (0.1.1)
    http-protocol (0.10.1)
      http-hpack (~> 0.1.0)
    localhost (1.1.6)
    mapping (1.1.1)
    mini_portile2 (2.4.0)
    multi_json (1.13.1)
    mustermann (1.0.3)
    nio4r (2.5.2)
    nokogiri (1.9.1)
      mini_portile2 (~> 2.4.0)
    rack (2.2.3)
    rack-protection (2.0.5)
      rack
    rackula (0.6.0)
      falcon (~> 0.19.0)
      samovar (~> 1.8)
    rake (12.3.2)
    redcarpet (3.4.0)
    samovar (1.10.0)
      event
      mapping (~> 1.0)
    sinatra (2.0.5)
      mustermann (~> 1.0)
      rack (~> 2.0)
      rack-protection (= 2.0.5)
      tilt (~> 2.0)
    sinatra-contrib (2.0.5)
      backports (>= 2.8.2)
      multi_json
      mustermann (~> 1.0)
      rack-protection (= 2.0.5)
      sinatra (= 2.0.5)
      tilt (>= 1.3, < 3)
    sinatra-subdomain (0.3.0)
      sinatra
    temple (0.8.0)
    thin (1.7.2)
      daemons (~> 1.0, >= 1.0.9)
      eventmachine (~> 1.0, >= 1.0.4)
      rack (>= 1, < 3)
    tilt (2.0.9)
    timers (4.3.0)

PLATFORMS
  ruby

DEPENDENCIES
  builder
  haml
  nokogiri
  rackula (= 0.6.0)
  rake
  redcarpet
  sinatra
  sinatra-contrib
  sinatra-subdomain
  thin

RUBY VERSION
   ruby 2.6.3p62

BUNDLED WITH
   2.0.2
