GEM
  remote: http://rubygems.org/
  specs:
    backports (2.6.5)
    daemons (1.1.9)
    eventmachine (1.0.0)
    eventmachine (1.0.0-x86-mingw32)
    haml (3.1.7)
    nokogiri (1.5.5)
    rack (1.4.1)
    rack-protection (1.2.0)
      rack
    rack-test (0.6.2)
      rack (>= 1.0)
    rake (10.0.2)
    redcarpet (2.2.2)
    sinatra (1.3.3)
      rack (~> 1.3, >= 1.3.6)
      rack-protection (~> 1.2)
      tilt (~> 1.3, >= 1.3.3)
    sinatra-contrib (1.3.2)
      backports (>= 2.0)
      eventmachine
      rack-protection
      rack-test
      sinatra (~> 1.3.0)
      tilt (~> 1.3)
    sinatra-subdomain (0.1.2)
      sinatra
    thin (1.5.0)
      daemons (>= 1.0.9)
      eventmachine (>= 0.12.6)
      rack (>= 1.0.0)
    tilt (1.3.3)

PLATFORMS
  ruby
  x86-mingw32

DEPENDENCIES
  haml
  nokogiri
  rake
  redcarpet
  sinatra
  sinatra-contrib
  sinatra-subdomain
  thin
